GIT
  remote: git://github.com/mobino/phony.git
  revision: 171d3a2e0bb429a547ec3de6ef441eb94024c9ca
  specs:
    phony (1.8.4)

GEM
  remote: https://rubygems.org/
  specs:
    diff-lcs (1.1.3)
    rake (0.9.2.2)
    rspec (2.11.0)
      rspec-core (~> 2.11.0)
      rspec-expectations (~> 2.11.0)
      rspec-mocks (~> 2.11.0)
    rspec-core (2.11.1)
    rspec-expectations (2.11.2)
      diff-lcs (~> 1.1.3)
    rspec-mocks (2.11.2)

PLATFORMS
  ruby

DEPENDENCIES
  phony!
  rake
  rspec (~> 2.0)
