GIT
  remote: git://github.com/mobino/phony.git
  revision: 9011dcc81d17592919bf001e1b91666f28b06c02
  ref: 9011dcc81d17592919bf001e1b91666f28b06c02
  specs:
    phony (1.8.4)

GEM
  remote: https://rubygems.org/
  specs:
    diff-lcs (1.1.3)
    rake (0.9.2.2)
    rspec (2.11.0)
      rspec-core (~> 2.11.0)
      rspec-expectations (~> 2.11.0)
      rspec-mocks (~> 2.11.0)
    rspec-core (2.11.1)
    rspec-expectations (2.11.2)
      diff-lcs (~> 1.1.3)
    rspec-mocks (2.11.2)

PLATFORMS
  ruby

DEPENDENCIES
  phony!
  rake
  rspec (~> 2.0)
