GEM
  remote: http://rubygems.org/
  remote: http://rubygems.org/
  specs:
    diff-lcs (1.1.3)
    phony (1.8.2)
    rake (0.9.2.2)
    rspec (2.11.0)
      rspec-core (~> 2.11.0)
      rspec-expectations (~> 2.11.0)
      rspec-mocks (~> 2.11.0)
    rspec-core (2.11.1)
    rspec-expectations (2.11.2)
      diff-lcs (~> 1.1.3)
    rspec-mocks (2.11.2)

PLATFORMS
  ruby

DEPENDENCIES
  phony
  rake
  rspec (~> 2.0)
